GEM
  remote: https://rubygems.org/
  specs:
    colorize (0.8.1)
    diffy (3.4.0)
    strings-ansi (0.2.0)
    tty-cursor (0.7.1)
    tty-progressbar (0.18.2)
      strings-ansi (~> 0.2)
      tty-cursor (~> 0.7)
      tty-screen (~> 0.8)
      unicode-display_width (>= 1.6, < 3.0)
    tty-screen (0.8.1)
    unicode-display_width (2.1.0)

PLATFORMS
  ruby

DEPENDENCIES
  colorize
  diffy
  tty-progressbar

BUNDLED WITH
   2.1.4
