GEM
  remote: https://rubygems.org/
  specs:
    ast (2.4.2)
    colorize (0.8.1)
    diffy (3.4.2)
    matrix (0.4.2)
    parser (3.1.3.0)
      ast (~> 2.4.1)
    strings-ansi (0.2.0)
    tty-cursor (0.7.1)
    tty-progressbar (0.18.2)
      strings-ansi (~> 0.2)
      tty-cursor (~> 0.7)
      tty-screen (~> 0.8)
      unicode-display_width (>= 1.6, < 3.0)
    tty-screen (0.8.1)
    unicode-display_width (2.3.0)

PLATFORMS
  ruby

DEPENDENCIES
  colorize
  diffy
  matrix
  parser
  tty-progressbar

BUNDLED WITH
   2.3.26
